GEM
  remote: https://rubygems.org/
  specs:
    addressable (2.3.6)
    launchy (2.4.2)
      addressable (~> 2.3)
    ruby-hmac (0.4.0)

PLATFORMS
  ruby

DEPENDENCIES
  launchy
  ruby-hmac
